GEM
  remote: https://rubygems.org/
  specs:
    faraday (0.14.0)
      multipart-post (>= 1.2, < 3)
    multipart-post (2.0.0)
    mustermann (1.0.3)
    nio4r (2.5.8)
    puma (4.3.9)
      nio4r (~> 2.0)
    rack (2.0.6)
    rack-parser (0.7.0)
      rack
    rack-protection (2.0.5)
      rack
    rack-ssl-enforcer (0.2.9)
    sinatra (2.0.5)
      mustermann (~> 1.0)
      rack (~> 2.0)
      rack-protection (= 2.0.5)
      tilt (~> 2.0)
    tilt (2.0.9)

PLATFORMS
  ruby

DEPENDENCIES
  faraday
  puma
  rack-parser
  rack-ssl-enforcer
  sinatra

BUNDLED WITH
   1.17.1
